GEM
  remote: http://rubygems.org/
  specs:
    rack (1.6.11)
    rack-protection (1.5.5)
      rack
    sinatra (1.3.6)
      rack (~> 1.4)
      rack-protection (~> 1.3)
      tilt (~> 1.3, >= 1.3.3)
    tilt (1.4.1)

PLATFORMS
  ruby

DEPENDENCIES
  sinatra (~> 1.3.2)

BUNDLED WITH
   2.0.2
